GEM
  remote: http://rubygems.org/
  specs:
    heist (0.3.2)
      oyster
      treetop
    minitest (2.4.0)
    oyster (0.9.5)
    polyglot (0.3.2)
    treetop (1.4.10)
      polyglot
      polyglot (>= 0.3.1)

PLATFORMS
  ruby

DEPENDENCIES
  heist
  minitest (~> 2.4.0)
